GEM
  remote: https://rubygems.org/
  specs:
    awesome_print (1.8.0)
    httparty (0.16.3)
      mime-types (~> 3.0)
      multi_xml (>= 0.5.2)
    mime-types (3.2.2)
      mime-types-data (~> 3.2015)
    mime-types-data (3.2018.0812)
    multi_xml (0.6.0)
    mustermann (1.0.3)
    newrelic_rpm (5.5.0.348)
    rack (2.0.6)
    rack-protection (2.0.4)
      rack
    rake (12.3.1)
    sinatra (2.0.4)
      mustermann (~> 1.0)
      rack (~> 2.0)
      rack-protection (= 2.0.4)
      tilt (~> 2.0)
    tilt (2.0.8)
    weather_hacker (0.1.7)
      awesome_print
      httparty
      rake (>= 0.9.2)

PLATFORMS
  ruby

DEPENDENCIES
  newrelic_rpm
  sinatra
  weather_hacker

BUNDLED WITH
   1.17.1
