GEM
  remote: https://rubygems.org/
  specs:
    awesome_print (1.2.0)
    httparty (0.13.1)
      json (~> 1.8)
      multi_xml (>= 0.5.2)
    json (1.8.1)
    multi_xml (0.5.5)
    newrelic_rpm (3.8.1.221)
    rack (1.5.2)
    rack-protection (1.5.3)
      rack
    rake (10.3.2)
    sinatra (1.4.5)
      rack (~> 1.4)
      rack-protection (~> 1.4)
      tilt (~> 1.3, >= 1.3.4)
    tilt (1.4.1)
    weather_hacker (0.1.7)
      awesome_print
      httparty
      rake (>= 0.9.2)

PLATFORMS
  ruby

DEPENDENCIES
  newrelic_rpm
  sinatra
  weather_hacker
